GEM
  remote: https://rubygems.org/
  specs:
    dxopal (1.3.0)
      rack (~> 2.0)
      thor (~> 0.19.1)
    gosu (0.14.5)
    power_assert (1.1.5)
    rack (2.0.7)
    rr (1.2.1)
    test-unit (3.3.4)
      power_assert
    test-unit-rr (1.0.5)
      rr (>= 1.1.1)
      test-unit (>= 2.5.2)
    thor (0.19.4)

PLATFORMS
  ruby

DEPENDENCIES
  dxopal
  gosu
  test-unit
  test-unit-rr

BUNDLED WITH
   2.0.2
