GEM
  remote: https://rubygems.org/
  specs:
    dxopal (1.3.0)
      rack (~> 2.0)
      thor (~> 0.19.1)
    gosu (0.14.5)
    rack (2.0.7)
    thor (0.19.4)

PLATFORMS
  ruby

DEPENDENCIES
  dxopal
  gosu

BUNDLED WITH
   2.0.2
